GEM
  remote: /REDACTED//
  specs:
    actionmailer (4.2.0)
      actionpack (= 4.2.0)
      actionview (= 4.2.0)
      activejob (= 4.2.0)
      mail (~> 2.5, >= 2.5.4)
      rails-dom-testing (~> 1.0, >= 1.0.5)
    actionpack (4.2.0)
      actionview (= 4.2.0)
      activesupport (= 4.2.0)
      rack (~> 1.6.0)
      rack-test (~> 0.6.2)
      rails-dom-testing (~> 1.0, >= 1.0.5)
      rails-html-sanitizer (~> 1.0, >= 1.0.1)
    actionview (4.2.0)
      activesupport (= 4.2.0)
      builder (~> 3.1)
      erubis (~> 2.7.0)
      rails-dom-testing (~> 1.0, >= 1.0.5)
      rails-html-sanitizer (~> 1.0, >= 1.0.1)
    activejob (4.2.0)
      activesupport (= 4.2.0)
      globalid (>= 0.3.0)
    activemodel (4.2.0)
      activesupport (= 4.2.0)
      builder (~> 3.1)
    activerecord (4.2.0)
      activemodel (= 4.2.0)
      activesupport (= 4.2.0)
      arel (~> 6.0)
    activesupport (4.2.0)
      i18n (~> 0.7)
      json (~> 1.7, >= 1.7.7)
      minitest (~> 5.1)
      thread_safe (~> 0.3, >= 0.3.4)
      tzinfo (~> 1.1)
    addressable (2.3.7)
    angular_rails_csrf (1.0.3)
      rails (>= 3, < 5)
    angularjs-rails (1.2.26)
    archmage-ruby (1.7.0)
      activesupport
      faraday
      multi_json
      /REDACTED/-tier
      patron (~> 0.5.0)
      zk
    arel (6.0.0)
    autoprefixer-rails (5.0.0.1)
      execjs
    awesome_print (1.2.0)
    bcrypt (3.1.10)
    /REDACTED/ (1.2.4)
    /REDACTED/ (1.2.4)
    /REDACTED/ (1.2.4)
    /REDACTED/ (1.2.4)
      /REDACTED/ (~> 1.0)
      rest_connection_manager (= 1.0.3)
    /REDACTED/ (1.0.0)
    /REDACTED/ (1.0.0)
    /REDACTED/ (1.0.0)
    /REDACTED/ (1.0.0)
      awesome_print
      /REDACTED/ (~> 1.2.2)
      /REDACTED/ (~> 1.2.2)
      /REDACTED/ (~> 1.2.2)
      /REDACTED/ (~> 1.2.2)
      config_core
      highline
      /REDACTED/ (~> 1.0)
      thor (~> 0.18)
      tools_core
    binding_of_caller (0.7.2)
      debug_inspector (>= 0.0.1)
    blue-daemons (1.1.11)
    bluepill (0.0.69)
      activesupport (>= 3, < 5)
      blue-daemons (~> 1.1.11)
      i18n (~> 0.5)
      state_machine (~> 1.1)
    bootstrap-sass (3.3.3)
      autoprefixer-rails (>= 5.0.0.1)
      sass (>= 3.2.19)
    bourne (1.5.0)
      mocha (>= 0.13.2, < 0.15)
    builder (3.2.2)
    capistrano (2.15.5)
      highline
      net-scp (>= 1.0.0)
      net-sftp (>= 2.0.0)
      net-ssh (>= 2.0.14)
      net-ssh-gateway (>= 1.1.0)
    capybara (2.4.3)
      mime-types (>= 1.16)
      nokogiri (>= 1.3.3)
      rack (>= 1.0.0)
      rack-test (>= 0.5.4)
      xpath (~> 2.0)
    celluloid (0.15.2)
      timers (~> 1.1.0)
    chronic_duration (0.10.6)
      numerizer (~> 0.1.1)
    clockwork (1.1.0)
      activesupport
      tzinfo
    coderay (1.1.0)
    coffee-rails (4.0.1)
      coffee-script (>= 2.2.0)
      railties (>= 4.0.0, < 5.0)
    coffee-script (2.3.0)
      coffee-script-source
      execjs
    coffee-script-source (1.8.0)
    config_core (1.0.4)
      /REDACTED/-rake-tasks
    crack (0.4.2)
      safe_yaml (~> 1.0.0)
    crazylegs (0.1.2)
      ruby-hmac (~> 0.4.0)
    cucumber (1.3.15)
      builder (>= 2.1.2)
      diff-lcs (>= 1.1.3)
      gherkin (~> 2.12)
      multi_json (>= 1.7.5, < 2.0)
      multi_test (>= 0.1.1)
    cucumber-rails (1.4.0)
      capybara (>= 1.1.2)
      cucumber (>= 1.2.0)
      nokogiri (>= 1.5.0)
      rails (>= 3.0.0)
    database_cleaner (1.3.0)
    debug_inspector (0.0.2)
    devise (3.4.1)
      bcrypt (~> 3.0)
      orm_adapter (~> 0.1)
      railties (>= 3.2.6, < 5)
      responders
      thread_safe (~> 0.1)
      warden (~> 1.2.3)
    diff-lcs (1.2.5)
    docile (1.1.5)
    dotenv (0.11.1)
      dotenv-deployment (~> 0.0.2)
    dotenv-deployment (0.0.2)
    dotenv-rails (0.11.1)
      dotenv (= 0.11.1)
    erubis (2.7.0)
    excon (0.44.4)
    execjs (2.2.2)
    factory_girl (4.5.0)
      activesupport (>= 3.0.0)
    factory_girl_rails (4.5.0)
      factory_girl (~> 4.5.0)
      railties (>= 3.0.0)
    faker (1.4.3)
      i18n (~> 0.5)
    faraday (0.9.2)
      multipart-post (>= 1.2, < 3)
    ffi (1.9.6)
    font-awesome-sass (4.2.2)
      sass (~> 3.2)
    formatador (0.2.5)
    gherkin (2.12.2)
      multi_json (~> 1.3)
    globalid (0.3.0)
      activesupport (>= 4.1.0)
    guard (2.6.1)
      formatador (>= 0.2.4)
      listen (~> 2.7)
      lumberjack (~> 1.0)
      pry (>= 0.9.12)
      thor (>= 0.18.1)
    guard-cucumber (1.4.1)
      cucumber (>= 1.2.0)
      guard (>= 1.1.0)
    guard-rspec (4.3.1)
      guard (~> 2.1)
      rspec (>= 2.14, < 4.0)
    haml (4.0.5)
      tilt
    haml-rails (0.5.3)
      actionpack (>= 4.0.1)
      activesupport (>= 4.0.1)
      haml (>= 3.1, < 5.0)
      railties (>= 4.0.1)
    highline (1.6.21)
    hike (1.2.3)
    httparty (0.13.3)
      json (~> 1.8)
      multi_xml (>= 0.5.2)
    i18n (0.7.0)
    jbuilder (2.2.5)
      activesupport (>= 3.0.0, < 5)
      multi_json (~> 1.2)
    jira-ruby (0.1.14)
      activesupport
      oauth (~> 0.4.7)
    jquery-countdown-rails (2.0.0)
    jquery-rails (3.1.2)
      railties (>= 3.0, < 5.0)
      thor (>= 0.14, < 2.0)
    jquery-tablesorter (1.14.1)
      railties (>= 3.1, < 5)
    jquery-turbolinks (2.1.0)
      railties (>= 3.1.0)
      turbolinks
    json (1.8.2)
    kaminari (0.16.1)
      actionpack (>= 3.0.0)
      activesupport (>= 3.0.0)
    kgio (2.9.3)
    libv8 (3.16.14.7)
    listen (2.7.9)
      celluloid (>= 0.15.2)
      rb-fsevent (>= 0.9.3)
      rb-inotify (>= 0.9)
    loofah (2.0.1)
      nokogiri (>= 1.5.9)
    lumberjack (1.0.9)
    mail (2.6.3)
      mime-types (>= 1.16, < 3)
    metaclass (0.0.4)
    method_source (0.8.2)
    mime-types (2.4.3)
    mini_portile (0.6.2)
    minitest (5.5.1)
    mocha (0.14.0)
      metaclass (~> 0.0.1)
    multi_json (1.10.1)
    multi_test (0.1.1)
    multi_xml (0.5.5)
    multipart-post (2.0.0)
    mysql (2.9.1)
    mysql2 (0.3.17)
    net-ldap (0.6.1)
    net-scp (1.2.1)
      net-ssh (>= 2.6.5)
    net-sftp (2.1.2)
      net-ssh (>= 2.6.5)
    net-ssh (2.6.8)
    net-ssh-gateway (1.2.0)
      net-ssh (>= 2.6.5)
    nexus (1.2.1)
    nokogiri (1.6.6.2)
      mini_portile (~> 0.6.0)
    numerizer (0.1.1)
    oauth (0.4.7)
    okcomputer (0.7.5)
    /REDACTED/-deployment (0.1.2)
      bluepill (~> 0.0.60)
      capistrano (~> 2.15.1)
      /REDACTED/-tier (~> 0.1.0)
      rvm-capistrano (~> 1.3.0)
    /REDACTED/-rake-tasks (0.0.2)
      nexus
      rake
    /REDACTED/-tier (0.1.3)
    /REDACTED/ (1.0.6)
      activesupport (>= 3.0.0)
      recursive-open-struct (~> 0.5)
    /REDACTED/ (1.0.0)
      /REDACTED/ (~> 1.0)
    orm_adapter (0.5.0)
    /REDACTED/ (2.0.1)
      activerecord (~> 4.1)
      devise (~> 3.3)
      net-ldap (~> 0.6.1)
      /REDACTED/ (~> 1.0)
      spectator-validates_email (~> 0.2.0)
    /REDACTED/ (1.0.0)
      httparty (~> 0.12)
      /REDACTED/-tier (~> 0.1.0)
      /REDACTED/ (~> 1.0.0)
      service-core (~> 1.0.3)
    /REDACTED/ (1.0.0)
      railties (~> 4.1)
    /REDACTED/ (1.0.0)
      dotenv-rails (~> 0.11.0)
      okcomputer (~> 0.7.0)
      /REDACTED/-deployment (~> 0.1.2)
      /REDACTED/ (= 1.0.0)
      therubyracer (~> 0.12.0)
      unicorn (~> 4.8)
    /REDACTED/ (1.0.0)
      angular_rails_csrf (~> 1.0)
      angularjs-rails (~> 1.2.4)
      bootstrap-sass (~> 3.2)
      font-awesome-sass (~> 4.2)
      jquery-rails (~> 3.1.0)
      /REDACTED/-tier (~> 0.1.0)
      /REDACTED/ (~> 1.0.0)
      /REDACTED/ (~> 1.0.0)
      railties (~> 4.1)
      sass-rails (~> 4.0.3)
    /REDACTED/ (1.0.0)
      httparty (~> 0.12)
      /REDACTED/-tier (~> 0.1.1)
      service-core (~> 1.0.4)
    patron (0.5.0)
    pry (0.10.1)
      coderay (~> 1.1.0)
      method_source (~> 0.8.1)
      slop (~> 3.4)
    pry-nav (0.2.4)
      pry (>= 0.9.10, < 0.11.0)
    pry-stack_explorer (0.4.9.1)
      binding_of_caller (>= 0.7)
      pry (>= 0.9.11)
    rack (1.6.0)
    rack-test (0.6.3)
      rack (>= 1.0)
    rails (4.2.0)
      actionmailer (= 4.2.0)
      actionpack (= 4.2.0)
      actionview (= 4.2.0)
      activejob (= 4.2.0)
      activemodel (= 4.2.0)
      activerecord (= 4.2.0)
      activesupport (= 4.2.0)
      bundler (>= 1.3.0, < 2.0)
      railties (= 4.2.0)
      sprockets-rails
    rails-deprecated_sanitizer (1.0.3)
      activesupport (>= 4.2.0.alpha)
    rails-dom-testing (1.0.5)
      activesupport (>= 4.2.0.beta, < 5.0)
      nokogiri (~> 1.6.0)
      rails-deprecated_sanitizer (>= 1.0.1)
    rails-html-sanitizer (1.0.1)
      loofah (~> 2.0)
    rails_config (0.5.0.beta1)
      activesupport (>= 3.0)
    railties (4.2.0)
      actionpack (= 4.2.0)
      activesupport (= 4.2.0)
      rake (>= 0.8.7)
      thor (>= 0.18.1, < 2.0)
    raindrops (0.13.0)
    rake (10.4.2)
    rb-fsevent (0.9.4)
    rb-inotify (0.9.5)
      ffi (>= 0.5.0)
    rdiscount (2.1.7.1)
    rdoc (4.1.2)
      json (~> 1.4)
    recursive-open-struct (0.5.0)
    ref (1.0.5)
    responders (2.0.2)
      railties (>= 4.2.0.alpha, < 5)
    rest_connection_manager (1.0.3)
      activemodel (>= 3.0)
      excon (~> 0.37)
      /REDACTED/ (>= 1.0.3)
    retries (0.0.5)
    rspec (3.1.0)
      rspec-core (~> 3.1.0)
      rspec-expectations (~> 3.1.0)
      rspec-mocks (~> 3.1.0)
    rspec-core (3.1.7)
      rspec-support (~> 3.1.0)
    rspec-expectations (3.1.2)
      diff-lcs (>= 1.2.0, < 2.0)
      rspec-support (~> 3.1.0)
    rspec-mocks (3.1.3)
      rspec-support (~> 3.1.0)
    rspec-rails (3.1.0)
      actionpack (>= 3.0)
      activesupport (>= 3.0)
      railties (>= 3.0)
      rspec-core (~> 3.1.0)
      rspec-expectations (~> 3.1.0)
      rspec-mocks (~> 3.1.0)
      rspec-support (~> 3.1.0)
    rspec-support (3.1.2)
    ruby-hmac (0.4.0)
    rvm-capistrano (1.3.4)
      capistrano (>= 2.0.0)
    safe_yaml (1.0.4)
    sass (3.2.19)
    sass-rails (4.0.5)
      railties (>= 4.0.0, < 5.0)
      sass (~> 3.2.2)
      sprockets (~> 2.8, < 3.0)
      sprockets-rails (~> 2.0)
    sdoc (0.4.1)
      json (~> 1.7, >= 1.7.7)
      rdoc (~> 4.0)
    sequel (4.1.1)
    service-core (1.0.5)
      crazylegs (~> 0.1)
      httparty (~> 0.8)
      multi_json (~> 1.0)
    simple_form (3.0.2)
      actionpack (~> 4.0)
      activemodel (~> 4.0)
    simplecov (0.9.1)
      docile (~> 1.1.0)
      multi_json (~> 1.0)
      simplecov-html (~> 0.8.0)
    simplecov-html (0.8.0)
    slop (3.6.0)
    spectator-validates_email (0.2.0)
      activemodel (>= 3.0.0)
    sprockets (2.12.3)
      hike (~> 1.2)
      multi_json (~> 1.0)
      rack (~> 1.0)
      tilt (~> 1.1, != 1.3.0)
    sprockets-rails (2.2.2)
      actionpack (>= 3.0)
      activesupport (>= 3.0)
      sprockets (>= 2.8, < 4.0)
    sqlite3 (1.3.9)
    state_machine (1.2.0)
    term-ansicolor (1.3.0)
      tins (~> 1.0)
    terminal-notifier-guard (1.5.3)
    therubyracer (0.12.1)
      libv8 (~> 3.16.14.0)
      ref
    thor (0.19.1)
    thread_safe (0.3.5)
    tilt (1.4.1)
    timers (1.1.0)
    tins (1.3.5)
    tools_core (1.4.1)
      net-scp
      net-sftp
      net-ssh
      /REDACTED/-rake-tasks (~> 0.0)
      term-ansicolor (~> 1.2)
    turbolinks (2.5.2)
      coffee-rails
    tzinfo (1.2.2)
      thread_safe (~> 0.1)
    uglifier (2.5.3)
      execjs (>= 0.3.0)
      json (>= 1.8.0)
    unicorn (4.8.3)
      kgio (~> 2.6)
      rack
      raindrops (~> 0.7)
    /REDACTED/ (0.2.12)
    /REDACTED/ (0.2.12)
      mysql (~> 2.9.1)
      mysql2 (~> 0.3.13)
      net-ssh (~> 2.6.8)
      net-ssh-gateway (~> 1.2.0)
      sequel (~> 4.1.0)
      sqlite3 (~> 1.3.7)
    warden (1.2.3)
      rack (>= 1.0)
    webmock (1.20.4)
      addressable (>= 2.3.6)
      crack (>= 0.3.2)
    wirble (0.1.3)
    xpath (2.0.0)
      nokogiri (~> 1.3)
    zk (1.9.6)
      zookeeper (~> 1.4.0)
    zookeeper (1.4.11)

PLATFORMS
  ruby

DEPENDENCIES
  archmage-ruby
  awesome_print
  /REDACTED/
  /REDACTED/
  /REDACTED/
  /REDACTED/
  bourne
  capybara
  chronic_duration
  clockwork
  coffee-rails (~> 4.0.0)
  cucumber-rails
  database_cleaner
  execjs
  factory_girl_rails (= 4.5.0)
  faker
  guard
  guard-cucumber
  guard-rspec
  haml-rails
  httparty
  jbuilder (~> 2.0)
  jira-ruby (~> 0.1.14)
  jquery-countdown-rails
  jquery-rails
  jquery-tablesorter
  jquery-turbolinks
  kaminari
  mysql2
  /REDACTED/ (~> 2.0.0)
  /REDACTED/ (~> 1.0.0)
  /REDACTED/ (~> 1.0.0)
  /REDACTED/ (~> 1.0.0)
  pry
  pry-nav
  pry-stack_explorer
  rails (= 4.2.0)
  rails_config (= 0.5.0beta1)
  rdiscount
  retries
  rspec-rails
  sass-rails (~> 4.0.3)
  sdoc (~> 0.4.0)
  simple_form
  simplecov
  sqlite3
  terminal-notifier-guard
  therubyracer
  turbolinks
  uglifier (>= 1.3.0)
  /REDACTED/ (>= 0.2.12)
  /REDACTED/ (>= 0.2.12)
  webmock
  wirble
